GIT
  remote: https://github.com/ThoughtWorksInc/go-api-client.git
  revision: 5adc66e1664545d7dd626a0d298cdd2aef66bfe6
  specs:
    go_api_client (0.3.0)
      nokogiri

GEM
  remote: https://rubygems.org/
  specs:
    metaclass (0.0.1)
    mocha (0.13.2)
      metaclass (~> 0.0.1)
    nokogiri (1.5.6)
    rack (1.5.2)
    rack-protection (1.3.2)
      rack
    sinatra (1.3.4)
      rack (~> 1.4)
      rack-protection (~> 1.3)
      tilt (~> 1.3, >= 1.3.3)
    tilt (1.3.3)

PLATFORMS
  ruby

DEPENDENCIES
  go_api_client!
  mocha
  sinatra
