GEM
  remote: https://rubygems.org/
  specs:
    go_cd_feed (1.1.1)
      nokogiri
    last_green_go_pipeline (1.2.2)
      go_cd_feed (~> 1.1)
    metaclass (0.0.4)
    mini_portile (0.6.0)
    mocha (1.1.0)
      metaclass (~> 0.0.1)
    nokogiri (1.6.3)
      mini_portile (= 0.6.0)
    rack (1.5.2)
    rack-protection (1.5.3)
      rack
    sinatra (1.4.5)
      rack (~> 1.4)
      rack-protection (~> 1.4)
      tilt (~> 1.3, >= 1.3.4)
    tilt (1.4.1)

PLATFORMS
  ruby

DEPENDENCIES
  last_green_go_pipeline
  mocha
  sinatra
